GEM
  remote: https://rubygems.org/
  specs:
    mini_portile2 (2.7.1)
    nokogiri (1.13.1)
      mini_portile2 (~> 2.7.0)
      racc (~> 1.4)
    racc (1.6.0)
    roo (2.8.3)
      nokogiri (~> 1)
      rubyzip (>= 1.3.0, < 3.0.0)
    ruby-ole (1.2.12.2)
    rubyzip (2.3.2)
    spreadsheet (1.3.0)
      ruby-ole

PLATFORMS
  arm64-darwin-23
  x86_64-darwin-21

DEPENDENCIES
  roo (~> 2.8.0)
  spreadsheet

BUNDLED WITH
   2.3.4
